GEM
  remote: https://rubygems.org/
  specs:
    daemons (1.2.3)
    ethon (0.8.0)
      ffi (>= 1.3.0)
    faraday (0.9.2)
      multipart-post (>= 1.2, < 3)
    ffi (1.9.10)
    highline (1.7.8)
    ice_cube (0.13.0)
    mangdown (0.12.2)
      faraday (~> 0.9.0)
      nokogiri (~> 1.6.0)
      progress_bar (~> 1.0.3)
      ruby-filemagic
      rubyzip (~> 1.1.0)
      typhoeus (~> 0.7.1)
    mini_portile (0.6.2)
    multipart-post (2.0.0)
    nokogiri (1.6.6.2)
      mini_portile (~> 0.6.0)
    options (2.3.2)
    progress_bar (1.0.5)
      highline (~> 1.6)
      options (~> 2.3.0)
    ruby-filemagic (0.7.1)
    rubyzip (1.1.7)
    typhoeus (0.7.3)
      ethon (>= 0.7.4)

PLATFORMS
  ruby

DEPENDENCIES
  daemons
  ice_cube
  mangdown

BUNDLED WITH
   1.10.6
